GEM
  remote: http://rubygems.org/
  specs:
    backports (1.18.2)
    bouncy-castle-java (1.5.0145.2)
    diff-lcs (1.1.2)
    haml (3.0.25)
    jruby-jars (1.5.6)
    jruby-openssl (0.7.3)
      bouncy-castle-java
    jruby-rack (1.0.5)
    json (1.4.6-java)
    json-jruby (1.4.6-java)
      json (= 1.4.6)
    monkey-lib (0.5.4)
      backports
    nest (1.1.0)
      redis (~> 2.1)
    ohm (0.1.3)
      nest (~> 1.0)
    ohm-contrib (0.1.0)
      ohm
    rack (1.2.1)
    rack-test (0.5.7)
      rack (>= 1.0)
    rake (0.8.7)
    rcov (0.9.9)
    rcov (0.9.9-java)
    redis (2.1.1)
    rspec (2.4.0)
      rspec-core (~> 2.4.0)
      rspec-expectations (~> 2.4.0)
      rspec-mocks (~> 2.4.0)
    rspec-core (2.4.0)
    rspec-expectations (2.4.0)
      diff-lcs (~> 1.1.2)
    rspec-mocks (2.4.0)
    rubyzip (0.9.4)
    sinatra (1.1.2)
      rack (~> 1.1)
      tilt (~> 1.2)
    sinatra-advanced-routes (0.5.1)
      monkey-lib (~> 0.5.0)
      sinatra (~> 1.0)
      sinatra-sugar (~> 0.5.0)
    sinatra-namespace (0.6.1)
      sinatra (~> 1.1)
    sinatra-reloader (0.5.0)
      sinatra (~> 1.0)
      sinatra-advanced-routes (~> 0.5.0)
    sinatra-sugar (0.5.0)
      monkey-lib (~> 0.5.0)
      sinatra (~> 1.0)
    tilt (1.2.1)
    warbler (1.2.1)
      jruby-jars (>= 1.4.0)
      jruby-rack (>= 1.0.0)
      rake (>= 0.8.7)
      rubyzip (>= 0.9.4)
    yajl-ruby (0.7.9)

PLATFORMS
  java
  ruby

DEPENDENCIES
  haml (= 3.0.25)
  jruby-openssl (= 0.7.3)
  json-jruby (= 1.4.6)
  ohm (= 0.1.3)
  ohm-contrib (= 0.1.0)
  rack-test (= 0.5.7)
  rake (= 0.8.7)
  rcov (= 0.9.9)
  rspec (= 2.4.0)
  sinatra (= 1.1.2)
  sinatra-namespace (= 0.6.1)
  sinatra-reloader (= 0.5.0)
  warbler (= 1.2.1)
  yajl-ruby (= 0.7.9)
