GEM
  remote: http://rubygems.org/
  specs:
    backports (1.18.2)
    haml (3.0.25)
    json (1.4.6-java)
    json-jruby (1.4.6-java)
      json (= 1.4.6)
    monkey-lib (0.5.4)
      backports
    nest (1.1.0)
      redis (~> 2.1)
    ohm (0.1.3)
      nest (~> 1.0)
    ohm-contrib (0.1.0)
      ohm
    rack (1.2.1)
    redis (2.1.1)
    sinatra (1.1.2)
      rack (~> 1.1)
      tilt (~> 1.2)
    sinatra-advanced-routes (0.5.1)
      monkey-lib (~> 0.5.0)
      sinatra (~> 1.0)
      sinatra-sugar (~> 0.5.0)
    sinatra-namespace (0.6.1)
      sinatra (~> 1.1)
    sinatra-reloader (0.5.0)
      sinatra (~> 1.0)
      sinatra-advanced-routes (~> 0.5.0)
    sinatra-sugar (0.5.0)
      monkey-lib (~> 0.5.0)
      sinatra (~> 1.0)
    tilt (1.2.1)
    yajl-ruby (0.7.9)

PLATFORMS
  java
  ruby

DEPENDENCIES
  haml (= 3.0.25)
  json-jruby (= 1.4.6)
  ohm (= 0.1.3)
  ohm-contrib (= 0.1.0)
  sinatra (= 1.1.2)
  sinatra-namespace (= 0.6.1)
  sinatra-reloader (= 0.5.0)
  yajl-ruby (= 0.7.9)
